GEM
  remote: https://rubygems.org/
  specs:
    rack (1.6.4)

PLATFORMS
  ruby

DEPENDENCIES
  rack (~> 1.6.4)

RUBY VERSION
   ruby 2.3.1p112

BUNDLED WITH
   1.12.4
